GEM
  remote: https://rubygems.org/
  remote: https://rails-assets.org/
  specs:
    RbST (0.5.1)
    actioncable (5.0.1.rc2)
      actionpack (= 5.0.1.rc2)
      nio4r (~> 1.2)
      websocket-driver (~> 0.6.1)
    actionmailer (5.0.1.rc2)
      actionpack (= 5.0.1.rc2)
      actionview (= 5.0.1.rc2)
      activejob (= 5.0.1.rc2)
      mail (~> 2.5, >= 2.5.4)
      rails-dom-testing (~> 2.0)
    actionpack (5.0.1.rc2)
      actionview (= 5.0.1.rc2)
      activesupport (= 5.0.1.rc2)
      rack (~> 2.0)
      rack-test (~> 0.6.3)
      rails-dom-testing (~> 2.0)
      rails-html-sanitizer (~> 1.0, >= 1.0.2)
    actionview (5.0.1.rc2)
      activesupport (= 5.0.1.rc2)
      builder (~> 3.1)
      erubis (~> 2.7.0)
      rails-dom-testing (~> 2.0)
      rails-html-sanitizer (~> 1.0, >= 1.0.2)
    activejob (5.0.1.rc2)
      activesupport (= 5.0.1.rc2)
      globalid (>= 0.3.6)
    activemodel (5.0.1.rc2)
      activesupport (= 5.0.1.rc2)
    activerecord (5.0.1.rc2)
      activemodel (= 5.0.1.rc2)
      activesupport (= 5.0.1.rc2)
      arel (~> 7.0)
    activerecord-import (1.0.3)
      activerecord (>= 3.2)
    activesupport (5.0.1.rc2)
      concurrent-ruby (~> 1.0, >= 1.0.2)
      i18n (~> 0.7)
      minitest (~> 5.1)
      tzinfo (~> 1.1)
    acts_as_list (1.0.0)
      activerecord (>= 4.2)
    addressable (2.7.0)
      public_suffix (>= 2.0.2, < 5.0)
    ahoy_matey (1.6.0)
      addressable
      browser (~> 2.0)
      geocoder
      rack-attack (< 6)
      railties
      referer-parser (>= 0.3.0)
      request_store
      safely_block (>= 0.1.1)
      user_agent_parser
      uuidtools
    annotate (3.0.2)
      activerecord (>= 3.2, < 7.0)
      rake (>= 10.4, < 13.0)
    arel (7.1.4)
    autoprefixer-rails (9.6.5)
      execjs
    better_errors (2.5.1)
      coderay (>= 1.0.0)
      erubi (>= 1.0.0)
      rack (>= 0.9.0)
    bindex (0.8.1)
    binding_of_caller (0.8.0)
      debug_inspector (>= 0.0.1)
    bootstrap-sass (3.3.7)
      autoprefixer-rails (>= 5.2.1)
      sass (>= 3.3.4)
    browser (2.6.1)
    builder (3.2.3)
    bullet (6.0.2)
      activesupport (>= 3.0.0)
      uniform_notifier (~> 1.11)
    byebug (11.0.1)
    chartkick (3.2.1)
    chronic (0.10.2)
    clipboard-rails (1.7.1)
    coderay (1.1.2)
    coffee-rails (4.2.2)
      coffee-script (>= 2.2.0)
      railties (>= 4.0.0)
    coffee-script (2.4.1)
      coffee-script-source
      execjs
    coffee-script-source (1.12.2)
    concurrent-ruby (1.1.5)
    crass (1.0.5)
    css_parser (1.7.0)
      addressable
    daemons (1.3.1)
    dalli (2.7.10)
    debug_inspector (0.0.3)
    delayed_job (4.1.8)
      activesupport (>= 3.0, < 6.1)
    delayed_job_active_record (4.1.4)
      activerecord (>= 3.0, < 6.1)
      delayed_job (>= 3.0, < 5)
    diff-lcs (1.3)
    discourse_api (0.38.0)
      faraday (~> 0.9)
      faraday_middleware (~> 0.10)
      rack (>= 1.6)
    domain_name (0.5.20190701)
      unf (>= 0.0.5, < 1.0.0)
    dotenv (2.7.5)
    dotenv-rails (2.7.5)
      dotenv (= 2.7.5)
      railties (>= 3.2, < 6.1)
    errbase (0.1.1)
    erubi (1.9.0)
    erubis (2.7.0)
    execjs (2.7.0)
    factory_girl (4.9.0)
      activesupport (>= 3.0.0)
    factory_girl_rails (4.9.0)
      factory_girl (~> 4.9.0)
      railties (>= 3.0.0)
    faraday (0.17.0)
      multipart-post (>= 1.2, < 3)
    faraday_middleware (0.13.1)
      faraday (>= 0.7.4, < 1.0)
    ffi (1.11.1)
    font-awesome-rails (4.7.0.5)
      railties (>= 3.2, < 6.1)
    friendly_id (5.3.0)
      activerecord (>= 4.0.0)
    geocoder (1.5.2)
    globalid (0.4.2)
      activesupport (>= 4.2.0)
    groupdate (4.1.2)
      activesupport (>= 4.2)
    htmlentities (4.3.4)
    http (2.2.2)
      addressable (~> 2.3)
      http-cookie (~> 1.0)
      http-form_data (~> 1.0.1)
      http_parser.rb (~> 0.6.0)
    http-cookie (1.0.3)
      domain_name (~> 0.5)
    http-form_data (1.0.3)
    http_parser.rb (0.6.0)
    httparty (0.17.1)
      mime-types (~> 3.0)
      multi_xml (>= 0.5.2)
    i18n (0.9.5)
      concurrent-ruby (~> 1.0)
    jbuilder (2.9.1)
      activesupport (>= 4.2.0)
    jquery-rails (4.3.5)
      rails-dom-testing (>= 1, < 3)
      railties (>= 4.2.0)
      thor (>= 0.14, < 2.0)
    jquery-ui-rails (6.0.1)
      railties (>= 3.2.16)
    js_cookie_rails (2.2.0)
      railties (>= 3.1)
    kgio (2.11.2)
    launchy (2.4.3)
      addressable (~> 2.3)
    letter_opener (1.7.0)
      launchy (~> 2.2)
    listen (3.0.8)
      rb-fsevent (~> 0.9, >= 0.9.4)
      rb-inotify (~> 0.9, >= 0.9.7)
    lograge (0.11.2)
      actionpack (>= 4)
      activesupport (>= 4)
      railties (>= 4)
      request_store (~> 1.0)
    loofah (2.3.0)
      crass (~> 1.0.2)
      nokogiri (>= 1.5.9)
    mail (2.7.1)
      mini_mime (>= 0.1.1)
    method_source (0.9.2)
    mime-types (3.3)
      mime-types-data (~> 3.2015)
    mime-types-data (3.2019.1009)
    mini_mime (1.0.2)
    mini_portile2 (2.4.0)
    minitest (5.12.2)
    multi_xml (0.6.0)
    multipart-post (2.1.1)
    nio4r (1.2.1)
    nokogiri (1.10.8)
      mini_portile2 (~> 2.4.0)
    pg (0.21.0)
    pg_search (2.3.0)
      activerecord (>= 4.2)
      activesupport (>= 4.2)
    premailer (1.11.1)
      addressable
      css_parser (>= 1.6.0)
      htmlentities (>= 4.0.0)
    premailer-rails (1.10.3)
      actionmailer (>= 3)
      premailer (~> 1.7, >= 1.7.9)
    pry (0.12.2)
      coderay (~> 1.1.0)
      method_source (~> 0.9.0)
    pry-byebug (3.7.0)
      byebug (~> 11.0)
      pry (~> 0.10)
    public_suffix (4.0.1)
    puma (3.12.1)
    rack (2.0.7)
    rack-attack (5.4.2)
      rack (>= 1.0, < 3)
    rack-cors (1.0.3)
    rack-test (0.6.3)
      rack (>= 1.0)
    rails (5.0.1.rc2)
      actioncable (= 5.0.1.rc2)
      actionmailer (= 5.0.1.rc2)
      actionpack (= 5.0.1.rc2)
      actionview (= 5.0.1.rc2)
      activejob (= 5.0.1.rc2)
      activemodel (= 5.0.1.rc2)
      activerecord (= 5.0.1.rc2)
      activesupport (= 5.0.1.rc2)
      bundler (>= 1.3.0, < 2.0)
      railties (= 5.0.1.rc2)
      sprockets-rails (>= 2.0.0)
    rails-assets-bootstrap (3.3.7)
      rails-assets-jquery (>= 1.9.1, < 4)
    rails-assets-bootstrap-material-design (0.5.10)
      rails-assets-bootstrap (~> 3.3.6)
      rails-assets-bootstrap-sass (~> 3.3.6)
      rails-assets-jquery (>= 2.2, < 3)
    rails-assets-bootstrap-sass (3.3.7)
      rails-assets-jquery (>= 1.9.1, < 4)
    rails-assets-jquery (2.2.4)
    rails-dom-testing (2.0.3)
      activesupport (>= 4.2.0)
      nokogiri (>= 1.6)
    rails-html-sanitizer (1.3.0)
      loofah (~> 2.3)
    rails-jquery-autocomplete (1.0.5)
      rails (>= 3.2)
    railties (5.0.1.rc2)
      actionpack (= 5.0.1.rc2)
      activesupport (= 5.0.1.rc2)
      method_source
      rake (>= 0.8.7)
      thor (>= 0.18.1, < 2.0)
    raindrops (0.19.0)
    rake (12.3.3)
    rake-progressbar (0.0.5)
    rb-fsevent (0.10.3)
    rb-inotify (0.10.0)
      ffi (~> 1.0)
    redcarpet (3.5.0)
    redd (0.8.8)
      http (~> 2.2)
    referer-parser (0.3.0)
    request_store (1.4.1)
      rack (>= 1.4)
    rspec-core (3.9.0)
      rspec-support (~> 3.9.0)
    rspec-expectations (3.9.0)
      diff-lcs (>= 1.2.0, < 2.0)
      rspec-support (~> 3.9.0)
    rspec-mocks (3.9.0)
      diff-lcs (>= 1.2.0, < 2.0)
      rspec-support (~> 3.9.0)
    rspec-rails (3.9.0)
      actionpack (>= 3.0)
      activesupport (>= 3.0)
      railties (>= 3.0)
      rspec-core (~> 3.9.0)
      rspec-expectations (~> 3.9.0)
      rspec-mocks (~> 3.9.0)
      rspec-support (~> 3.9.0)
    rspec-support (3.9.0)
    ruby-ole (1.2.12.2)
    rubyzip (2.0.0)
    safely_block (0.2.2)
      errbase (>= 0.1.1)
    sass (3.7.4)
      sass-listen (~> 4.0.0)
    sass-listen (4.0.0)
      rb-fsevent (~> 0.9, >= 0.9.4)
      rb-inotify (~> 0.9, >= 0.9.7)
    sass-rails (5.0.7)
      railties (>= 4.0.0, < 6)
      sass (~> 3.1)
      sprockets (>= 2.8, < 4.0)
      sprockets-rails (>= 2.0, < 4.0)
      tilt (>= 1.1, < 3)
    sitemap_generator (6.0.2)
      builder (~> 3.0)
    spreadsheet (1.2.4)
      ruby-ole (>= 1.0)
    spring (2.1.0)
    spring-watcher-listen (2.0.1)
      listen (>= 2.7, < 4.0)
      spring (>= 1.2, < 3.0)
    sprockets (3.7.2)
      concurrent-ruby (~> 1.0)
      rack (> 1, < 3)
    sprockets-rails (3.2.1)
      actionpack (>= 4.0)
      activesupport (>= 4.0)
      sprockets (>= 3.0.0)
    thor (0.20.3)
    thread_safe (0.3.6)
    tilt (2.0.10)
    time_difference (0.5.0)
      activesupport
    turbolinks (5.2.1)
      turbolinks-source (~> 5.2)
    turbolinks-source (5.2.0)
    tzinfo (1.2.5)
      thread_safe (~> 0.1)
    uglifier (4.2.0)
      execjs (>= 0.3.0, < 3)
    underscore-rails (1.8.3)
    unf (0.1.4)
      unf_ext
    unf_ext (0.0.7.6)
    unicorn (5.5.1)
      kgio (~> 2.6)
      raindrops (~> 0.7)
    uniform_notifier (1.13.0)
    user_agent_parser (2.5.1)
    uuidtools (2.1.5)
    web-console (3.7.0)
      actionview (>= 5.0)
      activemodel (>= 5.0)
      bindex (>= 0.4.0)
      railties (>= 5.0)
    websocket-driver (0.6.5)
      websocket-extensions (>= 0.1.0)
    websocket-extensions (0.1.4)
    whenever (1.0.0)
      chronic (>= 0.6.3)
    will_paginate (3.1.8)

PLATFORMS
  ruby

DEPENDENCIES
  RbST
  activerecord-import
  acts_as_list
  ahoy_matey (= 1.6)
  annotate
  better_errors
  binding_of_caller
  bootstrap-sass (~> 3.3.6)
  bullet
  chartkick
  clipboard-rails
  coffee-rails (~> 4.2)
  daemons
  dalli
  delayed_job_active_record
  discourse_api
  dotenv-rails
  factory_girl_rails
  font-awesome-rails
  friendly_id
  groupdate
  httparty
  jbuilder (~> 2.5)
  jquery-rails
  jquery-ui-rails
  js_cookie_rails
  letter_opener
  listen (~> 3.0.5)
  lograge
  nokogiri (= 1.10.8)
  pg (~> 0.21)
  pg_search
  premailer-rails
  pry-byebug
  puma (~> 3.0)
  rack-cors
  rails (= 5.0.1.rc2)
  rails-assets-bootstrap-material-design (= 0.5.10)!
  rails-jquery-autocomplete
  rake-progressbar
  redcarpet
  redd (~> 0.7)
  rspec-rails (~> 3.5)
  rubyzip
  sass-rails (~> 5.0)
  sitemap_generator
  spreadsheet
  spring
  spring-watcher-listen (~> 2.0.0)
  time_difference
  turbolinks (~> 5)
  tzinfo-data
  uglifier (>= 1.3.0)
  underscore-rails
  unicorn
  web-console (>= 3.3.0)
  whenever
  will_paginate (~> 3.1.0)

BUNDLED WITH
   1.17.2
